GIT
  remote: git://github.com/spree/spree.git
  revision: b3c43fbec8795b2f9b7ec90cc4622eb48e3cda6b
  branch: 0-70-stable
  specs:
    spree (0.70.0)
      spree_api (= 0.70.0)
      spree_auth (= 0.70.0)
      spree_core (= 0.70.0)
      spree_dash (= 0.70.0)
      spree_promo (= 0.70.0)
      spree_sample (= 0.70.0)
    spree_api (0.70.0)
      spree_auth (= 0.70.0)
      spree_core (= 0.70.0)
    spree_auth (0.70.0)
      cancan (= 1.6.5)
      devise (= 1.4.7)
      spree_core (= 0.70.0)
    spree_core (0.70.0)
      activemerchant (= 1.17.0)
      acts_as_list (= 0.1.4)
      deface (>= 0.7.0)
      faker (= 1.0.0)
      highline (= 1.5.1)
      jquery-rails (>= 1.0.14)
      kaminari (>= 0.12.4)
      meta_search (= 1.1.1)
      nested_set (= 1.6.8)
      paperclip (= 2.4.1)
      rails (= 3.1.1)
      rd_find_by_param (= 0.1.1)
      rd_resource_controller
      state_machine (= 1.0.1)
      stringex (= 1.0.3)
    spree_dash (0.70.0)
      spree_core (= 0.70.0)
    spree_promo (0.70.0)
      spree_auth (= 0.70.0)
      spree_core (= 0.70.0)
    spree_sample (0.70.0)
      spree_core (= 0.70.0)

GIT
  remote: git://github.com/spree/spree_rdr_theme.git
  revision: 050d729a767b82b560155efb1cf54c4ed2d709d7
  specs:
    spree_rdr_theme (0.1.0)

GEM
  remote: http://rubygems.org/
  specs:
    actionmailer (3.1.1)
      actionpack (= 3.1.1)
      mail (~> 2.3.0)
    actionpack (3.1.1)
      activemodel (= 3.1.1)
      activesupport (= 3.1.1)
      builder (~> 3.0.0)
      erubis (~> 2.7.0)
      i18n (~> 0.6)
      rack (~> 1.3.2)
      rack-cache (~> 1.1)
      rack-mount (~> 0.8.2)
      rack-test (~> 0.6.1)
      sprockets (~> 2.0.2)
    activemerchant (1.17.0)
      activesupport (>= 2.3.11)
      braintree (>= 2.0.0)
      builder (>= 2.0.0)
      json (>= 1.5.1)
    activemodel (3.1.1)
      activesupport (= 3.1.1)
      builder (~> 3.0.0)
      i18n (~> 0.6)
    activerecord (3.1.1)
      activemodel (= 3.1.1)
      activesupport (= 3.1.1)
      arel (~> 2.2.1)
      tzinfo (~> 0.3.29)
    activeresource (3.1.1)
      activemodel (= 3.1.1)
      activesupport (= 3.1.1)
    activesupport (3.1.1)
      multi_json (~> 1.0)
    acts_as_list (0.1.4)
    arel (2.2.1)
    bcrypt-ruby (3.0.1)
    braintree (2.12.0)
      builder (>= 2.0.0)
    builder (3.0.0)
    cancan (1.6.5)
    capistrano (2.9.0)
      highline
      net-scp (>= 1.0.0)
      net-sftp (>= 2.0.0)
      net-ssh (>= 2.0.14)
      net-ssh-gateway (>= 1.1.0)
    cocaine (0.2.0)
    coffee-rails (3.1.1)
      coffee-script (>= 2.2.0)
      railties (~> 3.1.0)
    coffee-script (2.2.0)
      coffee-script-source
      execjs
    coffee-script-source (1.1.2)
    deface (0.7.0)
      nokogiri (~> 1.5.0)
      rails (>= 3.0.9)
    devise (1.4.7)
      bcrypt-ruby (~> 3.0)
      orm_adapter (~> 0.0.3)
      warden (~> 1.0.3)
    erubis (2.7.0)
    execjs (1.2.9)
      multi_json (~> 1.0)
    faker (1.0.0)
      i18n (~> 0.4)
    foreman (0.24.0)
      term-ansicolor (~> 1.0.5)
      thor (>= 0.13.6)
    highline (1.5.1)
    hike (1.2.1)
    i18n (0.6.0)
    jquery-rails (1.0.14)
      railties (~> 3.0)
      thor (~> 0.14)
    json (1.6.1)
    kaminari (0.12.4)
      rails (>= 3.0.0)
    kgio (2.6.0)
    libv8 (3.3.10.2)
    mail (2.3.0)
      i18n (>= 0.4.0)
      mime-types (~> 1.16)
      treetop (~> 1.4.8)
    meta_search (1.1.1)
      actionpack (~> 3.1.0)
      activerecord (~> 3.1.0)
      activesupport (~> 3.1.0)
      polyamorous (~> 0.5.0)
    mime-types (1.16)
    multi_json (1.0.3)
    mysql2 (0.3.7)
    nested_set (1.6.8)
      activerecord (>= 3.0.0)
      railties (>= 3.0.0)
    net-scp (1.0.4)
      net-ssh (>= 1.99.1)
    net-sftp (2.0.5)
      net-ssh (>= 2.0.9)
    net-ssh (2.2.1)
    net-ssh-gateway (1.1.0)
      net-ssh (>= 1.99.1)
    nokogiri (1.5.0)
    orm_adapter (0.0.5)
    paperclip (2.4.1)
      activerecord (>= 2.3.0)
      activesupport (>= 2.3.2)
      cocaine (>= 0.0.2)
      mime-types
    polyamorous (0.5.0)
      activerecord (~> 3.0)
    polyglot (0.3.2)
    rack (1.3.4)
    rack-cache (1.1)
      rack (>= 0.4)
    rack-mount (0.8.3)
      rack (>= 1.0.0)
    rack-ssl (1.3.2)
      rack
    rack-test (0.6.1)
      rack (>= 1.0)
    rails (3.1.1)
      actionmailer (= 3.1.1)
      actionpack (= 3.1.1)
      activerecord (= 3.1.1)
      activeresource (= 3.1.1)
      activesupport (= 3.1.1)
      bundler (~> 1.0)
      railties (= 3.1.1)
    railties (3.1.1)
      actionpack (= 3.1.1)
      activesupport (= 3.1.1)
      rack-ssl (~> 1.3.2)
      rake (>= 0.8.7)
      rdoc (~> 3.4)
      thor (~> 0.14.6)
    raindrops (0.7.0)
    rake (0.9.2)
    rd_find_by_param (0.1.1)
      activerecord (~> 3.0)
      activesupport (~> 3.0)
    rd_resource_controller (1.0.1)
    rdoc (3.10)
      json (~> 1.4)
    sass (3.1.10)
    sass-rails (3.1.4)
      actionpack (~> 3.1.0)
      railties (~> 3.1.0)
      sass (>= 3.1.4)
      sprockets (~> 2.0.0)
      tilt (~> 1.3.2)
    sprockets (2.0.2)
      hike (~> 1.2)
      rack (~> 1.0)
      tilt (!= 1.3.0, ~> 1.1)
    sqlite3 (1.3.4)
    state_machine (1.0.1)
    stringex (1.0.3)
    term-ansicolor (1.0.6)
    therubyracer (0.9.8)
      libv8 (~> 3.3.10)
    thor (0.14.6)
    tilt (1.3.3)
    treetop (1.4.10)
      polyglot
      polyglot (>= 0.3.1)
    tzinfo (0.3.30)
    uglifier (1.0.3)
      execjs (>= 0.3.0)
      multi_json (>= 1.0.2)
    unicorn (4.1.1)
      kgio (~> 2.4)
      rack
      raindrops (~> 0.6)
    warden (1.0.6)
      rack (>= 1.0)

PLATFORMS
  ruby

DEPENDENCIES
  capistrano
  coffee-rails (~> 3.1.1)
  foreman
  jquery-rails
  json
  mysql2 (= 0.3.7)
  rails (= 3.1.1)
  sass-rails (~> 3.1.4)
  spree!
  spree_rdr_theme!
  sqlite3
  therubyracer
  uglifier (>= 1.0.3)
  unicorn
